GIT
  remote: git://github.com/sferik/rails_admin.git
  revision: 3c7f7a4b2d604cb310d1fbde2f83bdc82e7e14cd
  specs:
    rails_admin (0.0.2)
      bbenezech-nested_form (~> 0.0.6)
      bootstrap-sass (~> 2.0)
      builder (~> 3.0)
      coffee-rails (~> 3.1)
      haml (~> 3.1)
      jquery-rails (>= 1.0.17)
      jquery-ui-rails (~> 0.2.2)
      kaminari (~> 0.12)
      rack-pjax (~> 0.5)
      rails (~> 3.1)
      remotipart (~> 1.0)
      sass-rails (~> 3.1)

GEM
  remote: http://rubygems.org/
  specs:
    actionmailer (3.1.0)
      actionpack (= 3.1.0)
      mail (~> 2.3.0)
    actionpack (3.1.0)
      activemodel (= 3.1.0)
      activesupport (= 3.1.0)
      builder (~> 3.0.0)
      erubis (~> 2.7.0)
      i18n (~> 0.6)
      rack (~> 1.3.2)
      rack-cache (~> 1.0.3)
      rack-mount (~> 0.8.2)
      rack-test (~> 0.6.1)
      sprockets (~> 2.0.0)
    activemodel (3.1.0)
      activesupport (= 3.1.0)
      bcrypt-ruby (~> 3.0.0)
      builder (~> 3.0.0)
      i18n (~> 0.6)
    activerecord (3.1.0)
      activemodel (= 3.1.0)
      activesupport (= 3.1.0)
      arel (~> 2.2.1)
      tzinfo (~> 0.3.29)
    activeresource (3.1.0)
      activemodel (= 3.1.0)
      activesupport (= 3.1.0)
    activesupport (3.1.0)
      multi_json (~> 1.0)
    ansi (1.4.2)
    arel (2.2.3)
    aws-s3 (0.6.2)
      builder
      mime-types
      xml-simple
    bbenezech-nested_form (0.0.6)
    bcrypt-ruby (3.0.1)
    bootstrap-sass (2.0.2)
    builder (3.0.0)
    carrierwave (0.5.8)
      activesupport (~> 3.0)
    chronic (0.6.7)
    coffee-rails (3.1.1)
      coffee-script (>= 2.2.0)
      railties (~> 3.1.0)
    coffee-script (2.2.0)
      coffee-script-source
      execjs
    coffee-script-source (1.3.1)
    devise (2.0.4)
      bcrypt-ruby (~> 3.0)
      orm_adapter (~> 0.0.3)
      railties (~> 3.1)
      warden (~> 1.1.1)
    erubis (2.7.0)
    excon (0.13.4)
    execjs (1.3.2)
      multi_json (~> 1.0)
    fog (1.3.1)
      builder
      excon (~> 0.13.0)
      formatador (~> 0.2.0)
      mime-types
      multi_json (~> 1.0)
      net-scp (~> 1.0.4)
      net-ssh (>= 2.1.3)
      nokogiri (~> 1.5.0)
      ruby-hmac
    formatador (0.2.3)
    friendly_id (4.0.5)
    haml (3.1.5)
    hike (1.2.1)
    hpricot (0.8.6)
    i18n (0.6.0)
    jquery-rails (1.0.19)
      railties (~> 3.0)
      thor (~> 0.14)
    jquery-ui-rails (0.2.2)
      jquery-rails
      railties (>= 3.1.0)
    jruby-pageant (1.0.2)
    json (1.7.3)
    kaminari (0.13.0)
      actionpack (>= 3.0.0)
      activesupport (>= 3.0.0)
      railties (>= 3.0.0)
    libv8 (3.3.10.4)
    mail (2.3.3)
      i18n (>= 0.4.0)
      mime-types (~> 1.16)
      treetop (~> 1.4.8)
    meta-tags (1.2.6)
      actionpack
    mime-types (1.18)
    multi_json (1.3.5)
    mysql2 (0.3.11)
    net-scp (1.0.4)
      net-ssh (>= 1.99.1)
    net-ssh (2.4.0)
      jruby-pageant (>= 1.0.2)
    nokogiri (1.5.2)
    orm_adapter (0.0.7)
    pg (0.13.2)
    polyglot (0.3.3)
    rack (1.3.6)
    rack-cache (1.0.3)
      rack (>= 0.4)
    rack-mount (0.8.3)
      rack (>= 1.0.0)
    rack-pjax (0.5.9)
      hpricot (~> 0.8.6)
      rack (~> 1.3)
    rack-ssl (1.3.2)
      rack
    rack-test (0.6.1)
      rack (>= 1.0)
    rails (3.1.0)
      actionmailer (= 3.1.0)
      actionpack (= 3.1.0)
      activerecord (= 3.1.0)
      activeresource (= 3.1.0)
      activesupport (= 3.1.0)
      bundler (~> 1.0)
      railties (= 3.1.0)
    railties (3.1.0)
      actionpack (= 3.1.0)
      activesupport (= 3.1.0)
      rack-ssl (~> 1.3.2)
      rake (>= 0.8.7)
      rdoc (~> 3.4)
      thor (~> 0.14.6)
    rake (0.9.2.2)
    rdoc (3.12)
      json (~> 1.4)
    remotipart (1.0.2)
    rmagick (2.13.1)
    ruby-hmac (0.4.0)
    sass (3.1.18)
    sass-rails (3.1.5)
      actionpack (~> 3.1.0)
      railties (~> 3.1.0)
      sass (~> 3.1.10)
      tilt (~> 1.3.2)
    sitemap_generator (3.1.1)
      builder
    skeleton-rails (0.0.2)
    sprockets (2.0.4)
      hike (~> 1.2)
      rack (~> 1.0)
      tilt (~> 1.1, != 1.3.0)
    therubyracer (0.10.1)
      libv8 (~> 3.3.10)
    thor (0.14.6)
    tilt (1.3.3)
    treetop (1.4.10)
      polyglot
      polyglot (>= 0.3.1)
    turn (0.9.5)
      ansi
    tzinfo (0.3.33)
    uglifier (1.2.4)
      execjs (>= 0.3.0)
      multi_json (>= 1.0.2)
    warden (1.1.1)
      rack (>= 1.0)
    whenever (0.7.3)
      activesupport (>= 2.3.4)
      chronic (~> 0.6.3)
    xml-simple (1.1.1)

PLATFORMS
  ruby

DEPENDENCIES
  aws-s3 (~> 0.6.2)
  carrierwave
  coffee-rails (~> 3.1.0)
  devise
  fog
  friendly_id
  jquery-rails
  kaminari
  meta-tags
  mysql2
  pg
  rails (= 3.1.0)
  rails_admin!
  rmagick
  sass-rails (= 3.1.5)
  sitemap_generator
  skeleton-rails
  therubyracer
  turn
  uglifier
  whenever
